PATH
  remote: .
  specs:
    fiat_publication (0.1.1)
      activestorage-validator
      audited (~> 4.7)
      best_in_place
      cocoon
      jquery-atwho-rails
      meta-tags
      rails (>= 5.2.1)
      recaptcha
      simple_form
      trix-rails

GEM
  remote: https://rubygems.org/
  specs:
    actioncable (6.1.0.rc2)
      actionpack (= 6.1.0.rc2)
      activesupport (= 6.1.0.rc2)
      nio4r (~> 2.0)
      websocket-driver (>= 0.6.1)
    actionmailbox (6.1.0.rc2)
      actionpack (= 6.1.0.rc2)
      activejob (= 6.1.0.rc2)
      activerecord (= 6.1.0.rc2)
      activestorage (= 6.1.0.rc2)
      activesupport (= 6.1.0.rc2)
      mail (>= 2.7.1)
    actionmailer (6.1.0.rc2)
      actionpack (= 6.1.0.rc2)
      actionview (= 6.1.0.rc2)
      activejob (= 6.1.0.rc2)
      activesupport (= 6.1.0.rc2)
      mail (~> 2.5, >= 2.5.4)
      rails-dom-testing (~> 2.0)
    actionpack (6.1.0.rc2)
      actionview (= 6.1.0.rc2)
      activesupport (= 6.1.0.rc2)
      rack (~> 2.0, >= 2.0.9)
      rack-test (>= 0.6.3)
      rails-dom-testing (~> 2.0)
      rails-html-sanitizer (~> 1.0, >= 1.2.0)
    actiontext (6.1.0.rc2)
      actionpack (= 6.1.0.rc2)
      activerecord (= 6.1.0.rc2)
      activestorage (= 6.1.0.rc2)
      activesupport (= 6.1.0.rc2)
      nokogiri (>= 1.8.5)
    actionview (6.1.0.rc2)
      activesupport (= 6.1.0.rc2)
      builder (~> 3.1)
      erubi (~> 1.4)
      rails-dom-testing (~> 2.0)
      rails-html-sanitizer (~> 1.1, >= 1.2.0)
    activejob (6.1.0.rc2)
      activesupport (= 6.1.0.rc2)
      globalid (>= 0.3.6)
    activemodel (6.1.0.rc2)
      activesupport (= 6.1.0.rc2)
    activerecord (6.1.0.rc2)
      activemodel (= 6.1.0.rc2)
      activesupport (= 6.1.0.rc2)
    activestorage (6.1.0.rc2)
      actionpack (= 6.1.0.rc2)
      activejob (= 6.1.0.rc2)
      activerecord (= 6.1.0.rc2)
      activesupport (= 6.1.0.rc2)
      marcel (~> 0.3.1)
      mimemagic (~> 0.3.2)
    activestorage-validator (0.1.3)
      rails (>= 5.2.0)
    activesupport (6.1.0.rc2)
      concurrent-ruby (~> 1.0, >= 1.0.2)
      i18n (>= 1.6, < 2)
      minitest (>= 5.1)
      tzinfo (~> 2.0)
      zeitwerk (~> 2.3)
    audited (4.9.0)
      activerecord (>= 4.2, < 6.1)
    best_in_place (3.1.1)
      actionpack (>= 3.2)
      railties (>= 3.2)
    builder (3.2.4)
    cocoon (1.2.14)
    concurrent-ruby (1.1.10)
    crass (1.0.6)
    erubi (1.10.0)
    globalid (1.0.0)
      activesupport (>= 5.0)
    i18n (1.12.0)
      concurrent-ruby (~> 1.0)
    jquery-atwho-rails (1.5.4)
    json (2.3.0)
    loofah (2.18.0)
      crass (~> 1.0.2)
      nokogiri (>= 1.5.9)
    mail (2.7.1)
      mini_mime (>= 0.1.1)
    marcel (0.3.3)
      mimemagic (~> 0.3.2)
    meta-tags (2.13.0)
      actionpack (>= 3.2.0, < 6.1)
    method_source (1.0.0)
    mimemagic (0.3.10)
      nokogiri (~> 1)
      rake
    mini_mime (1.1.2)
    mini_portile2 (2.8.0)
    minitest (5.16.2)
    nio4r (2.5.8)
    nokogiri (1.13.7)
      mini_portile2 (~> 2.8.0)
      racc (~> 1.4)
    racc (1.6.0)
    rack (2.2.4)
    rack-test (2.0.2)
      rack (>= 1.3)
    rails (6.1.0.rc2)
      actioncable (= 6.1.0.rc2)
      actionmailbox (= 6.1.0.rc2)
      actionmailer (= 6.1.0.rc2)
      actionpack (= 6.1.0.rc2)
      actiontext (= 6.1.0.rc2)
      actionview (= 6.1.0.rc2)
      activejob (= 6.1.0.rc2)
      activemodel (= 6.1.0.rc2)
      activerecord (= 6.1.0.rc2)
      activestorage (= 6.1.0.rc2)
      activesupport (= 6.1.0.rc2)
      bundler (>= 1.15.0)
      railties (= 6.1.0.rc2)
      sprockets-rails (>= 2.0.0)
    rails-dom-testing (2.0.3)
      activesupport (>= 4.2.0)
      nokogiri (>= 1.6)
    rails-html-sanitizer (1.4.3)
      loofah (~> 2.3)
    railties (6.1.0.rc2)
      actionpack (= 6.1.0.rc2)
      activesupport (= 6.1.0.rc2)
      method_source
      rake (>= 0.8.7)
      thor (~> 1.0)
    rake (13.0.6)
    recaptcha (5.3.0)
      json
    simple_form (5.0.2)
      actionpack (>= 5.0)
      activemodel (>= 5.0)
    sprockets (4.1.1)
      concurrent-ruby (~> 1.0)
      rack (> 1, < 3)
    sprockets-rails (3.4.2)
      actionpack (>= 5.2)
      activesupport (>= 5.2)
      sprockets (>= 3.0.0)
    sqlite3 (1.3.13)
    thor (1.2.1)
    trix-rails (2.2.0)
      rails (> 4.1, < 6.1)
    tzinfo (2.0.5)
      concurrent-ruby (~> 1.0)
    websocket-driver (0.7.5)
      websocket-extensions (>= 0.1.0)
    websocket-extensions (0.1.5)
    zeitwerk (2.6.0)

PLATFORMS
  ruby

DEPENDENCIES
  fiat_publication!
  sqlite3

BUNDLED WITH
   1.17.1
